PATH
  remote: .
  specs:
    rbs_json_schema (0.1.0)
      rbs (>= 1.5.0)

GEM
  remote: https://rubygems.org/
  specs:
    minitest (5.14.4)
    rake (12.3.3)
    rbs (1.5.1)

PLATFORMS
  ruby

DEPENDENCIES
  minitest (~> 5.0)
  rake (~> 12.0)
  rbs_json_schema!

BUNDLED WITH
   2.2.22
